GEM
  remote: https://rubygems.org/
  specs:
    webrick (1.7.0)

PLATFORMS
  arm64-darwin-21

DEPENDENCIES
  webrick

BUNDLED WITH
   2.3.7
